GEM
  remote: https://rubygems.org/
  specs:
    addressable (2.7.0)
      public_suffix (>= 2.0.2, < 5.0)
    bcrypt_pbkdf (1.1.0.rc1)
    builder (3.2.4)
    chef (16.6.14)
      addressable
      bcrypt_pbkdf (= 1.1.0.rc1)
      bundler (>= 1.10)
      chef-config (= 16.6.14)
      chef-utils (= 16.6.14)
      chef-vault
      chef-zero (>= 14.0.11)
      diff-lcs (>= 1.2.4, < 1.4.0)
      ed25519 (~> 1.2)
      erubis (~> 2.7)
      ffi (>= 1.9.25)
      ffi-libarchive (~> 1.0, >= 1.0.3)
      ffi-yajl (~> 2.2)
      highline (>= 1.6.9, < 3)
      iniparse (~> 1.4)
      license-acceptance (>= 1.0.5, < 3)
      mixlib-archive (>= 0.4, < 2.0)
      mixlib-authentication (>= 2.1, < 4)
      mixlib-cli (>= 2.1.1, < 3.0)
      mixlib-log (>= 2.0.3, < 4.0)
      mixlib-shellout (>= 3.1.1, < 4.0)
      net-sftp (>= 2.1.2, < 4.0)
      net-ssh (>= 4.2, < 7)
      net-ssh-multi (~> 1.2, >= 1.2.1)
      ohai (~> 16.0)
      pastel
      plist (~> 3.2)
      proxifier (~> 1.0)
      syslog-logger (~> 1.6)
      train-core (~> 3.2, >= 3.2.28)
      train-winrm (>= 0.2.5)
      tty-prompt (~> 0.21)
      tty-screen (~> 0.6)
      tty-table (~> 0.11)
      uuidtools (~> 2.1.5)
    chef-config (16.6.14)
      addressable
      chef-utils (= 16.6.14)
      fuzzyurl
      mixlib-config (>= 2.2.12, < 4.0)
      mixlib-shellout (>= 2.0, < 4.0)
      tomlrb (~> 1.2)
    chef-utils (16.6.14)
    chef-vault (4.0.12)
    chef-zero (15.0.3)
      ffi-yajl (~> 2.2)
      hashie (>= 2.0, < 5.0)
      mixlib-log (>= 2.0, < 4.0)
      rack (~> 2.0, >= 2.0.6)
      uuidtools (~> 2.1)
    diff-lcs (1.3)
    ed25519 (1.2.4)
    erubi (1.9.0)
    erubis (2.7.0)
    ffi (1.13.1)
    ffi-libarchive (1.0.4)
      ffi (~> 1.0)
    ffi-yajl (2.3.4)
      libyajl2 (~> 1.2)
    fuzzyurl (0.9.0)
    gssapi (1.3.0)
      ffi (>= 1.0.1)
    gyoku (1.3.1)
      builder (>= 2.1.2)
    hashie (4.1.0)
    highline (2.0.3)
    httpclient (2.8.3)
    iniparse (1.5.0)
    ipaddress (0.8.3)
    json (2.3.1)
    knife-zero (2.3.2)
      chef (>= 15.0)
    libyajl2 (1.2.0)
    license-acceptance (2.1.2)
      pastel (~> 0.7)
      tomlrb (~> 1.2)
      tty-box (~> 0.6)
      tty-prompt (~> 0.20)
    little-plugger (1.1.4)
    logging (2.3.0)
      little-plugger (~> 1.1)
      multi_json (~> 1.14)
    mixlib-archive (1.0.7)
      mixlib-log
    mixlib-authentication (3.0.7)
    mixlib-cli (2.1.8)
    mixlib-config (3.0.9)
      tomlrb
    mixlib-log (3.0.9)
    mixlib-shellout (3.1.6)
      chef-utils
    multi_json (1.15.0)
    net-scp (3.0.0)
      net-ssh (>= 2.6.5, < 7.0.0)
    net-sftp (3.0.0)
      net-ssh (>= 5.0.0, < 7.0.0)
    net-ssh (6.1.0)
    net-ssh-gateway (2.0.0)
      net-ssh (>= 4.0.0)
    net-ssh-multi (1.2.1)
      net-ssh (>= 2.6.5)
      net-ssh-gateway (>= 1.2.0)
    nori (2.6.0)
    ohai (16.6.5)
      chef-config (>= 12.8, < 17)
      chef-utils (>= 16.0, < 17)
      ffi (~> 1.9)
      ffi-yajl (~> 2.2)
      ipaddress
      mixlib-cli (>= 1.7.0)
      mixlib-config (>= 2.0, < 4.0)
      mixlib-log (>= 2.0.1, < 4.0)
      mixlib-shellout (>= 2.0, < 4.0)
      plist (~> 3.1)
      train-core
      wmi-lite (~> 1.0)
    pastel (0.8.0)
      tty-color (~> 0.5)
    plist (3.5.0)
    proxifier (1.0.3)
    public_suffix (4.0.6)
    rack (2.2.3)
    rubyntlm (0.6.2)
    rubyzip (2.3.0)
    strings (0.2.0)
      strings-ansi (~> 0.2)
      unicode-display_width (~> 1.5)
      unicode_utils (~> 1.4)
    strings-ansi (0.2.0)
    syslog-logger (1.6.8)
    tomlrb (1.3.0)
    train-core (3.3.24)
      addressable (~> 2.5)
      ffi (!= 1.13.0)
      json (>= 1.8, < 3.0)
      mixlib-shellout (>= 2.0, < 4.0)
      net-scp (>= 1.2, < 4.0)
      net-ssh (>= 2.9, < 7.0)
    train-winrm (0.2.11)
      winrm (~> 2.0)
      winrm-elevated (~> 1.2.2)
      winrm-fs (~> 1.0)
    tty-box (0.6.0)
      pastel (~> 0.8)
      strings (~> 0.2.0)
      tty-cursor (~> 0.7)
    tty-color (0.5.2)
    tty-cursor (0.7.1)
    tty-prompt (0.22.0)
      pastel (~> 0.8)
      tty-reader (~> 0.8)
    tty-reader (0.8.0)
      tty-cursor (~> 0.7)
      tty-screen (~> 0.8)
      wisper (~> 2.0)
    tty-screen (0.8.1)
    tty-table (0.12.0)
      pastel (~> 0.8)
      strings (~> 0.2.0)
      tty-screen (~> 0.8)
    unicode-display_width (1.7.0)
    unicode_utils (1.4.0)
    uuidtools (2.1.5)
    winrm (2.3.5)
      builder (>= 2.1.2)
      erubi (~> 1.8)
      gssapi (~> 1.2)
      gyoku (~> 1.0)
      httpclient (~> 2.2, >= 2.2.0.2)
      logging (>= 1.6.1, < 3.0)
      nori (~> 2.0)
      rubyntlm (~> 0.6.0, >= 0.6.1)
    winrm-elevated (1.2.2)
      erubi (~> 1.8)
      winrm (~> 2.0)
      winrm-fs (~> 1.0)
    winrm-fs (1.3.5)
      erubi (~> 1.8)
      logging (>= 1.6.1, < 3.0)
      rubyzip (~> 2.0)
      winrm (~> 2.0)
    wisper (2.0.1)
    wmi-lite (1.0.5)

PLATFORMS
  ruby

DEPENDENCIES
  chef
  knife-zero

BUNDLED WITH
   2.1.4
